GEM
  remote: https://rubygems.org/
  specs:
    byebug (9.0.6)
    faraday (0.11.0)
      multipart-post (>= 1.2, < 3)
    httmultiparty (0.3.16)
      httparty (>= 0.7.3)
      mimemagic
      multipart-post
    httparty (0.14.0)
      multi_xml (>= 0.5.2)
    jwt (1.5.6)
    mimemagic (0.3.2)
    multi_json (1.12.1)
    multi_xml (0.6.0)
    multipart-post (2.0.0)
    oauth2 (1.3.1)
      faraday (>= 0.8, < 0.12)
      jwt (~> 1.0)
      multi_json (~> 1.3)
      multi_xml (~> 0.5)
      rack (>= 1.2, < 3)
    rack (1.6.5)
    rack-protection (1.5.3)
      rack
    sinatra (1.4.8)
      rack (~> 1.5)
      rack-protection (~> 1.4)
      tilt (>= 1.3, < 3)
    strava-api-v3 (0.6.1)
      httmultiparty
      multi_json
    tilt (2.0.7)

PLATFORMS
  ruby

DEPENDENCIES
  byebug
  oauth2
  sinatra
  strava-api-v3

BUNDLED WITH
   1.14.6
